GEM
  remote: https://rubygems.org/
  specs:
    addressable (2.3.5)
    ast (1.1.0)
    backports (3.3.3)
    crack (0.4.1)
      safe_yaml (~> 0.9.0)
    diff-lcs (1.2.4)
    multi_json (1.7.7)
    parser (2.0.0.pre2)
      ast (~> 1.1)
      slop (~> 3.4, >= 3.4.5)
    powerpack (0.0.1)
    rainbow (1.1.4)
    rake (10.1.0)
    redcarpet (3.0.0)
    rspec (2.14.1)
      rspec-core (~> 2.14.0)
      rspec-expectations (~> 2.14.0)
      rspec-mocks (~> 2.14.0)
    rspec-core (2.14.4)
    rspec-expectations (2.14.0)
      diff-lcs (>= 1.1.3, < 2.0)
    rspec-mocks (2.14.1)
    rubocop (0.10.0)
      backports (~> 3.3.3)
      parser (= 2.0.0.pre2)
      powerpack (= 0.0.1)
      rainbow (>= 1.1.4)
    safe_yaml (0.9.4)
    simplecov (0.7.1)
      multi_json (~> 1.0)
      simplecov-html (~> 0.7.1)
    simplecov-html (0.7.1)
    slop (3.4.5)
    webmock (1.13.0)
      addressable (>= 2.2.7)
      crack (>= 0.3.2)
    yard (0.8.6.2)

PLATFORMS
  ruby

DEPENDENCIES
  rake
  redcarpet
  rspec
  rubocop
  simplecov
  webmock
  yard
